GEM
  remote: https://rubygems.org/
  specs:
    coderay (1.1.3)
    ffi (1.13.1)
    method_source (1.0.0)
    nmea_plus (1.0.25)
      racc (~> 1.4, >= 1.0)
    pry (0.13.1)
      coderay (~> 1.1)
      method_source (~> 1.0)
    racc (1.5.0)
    rubyserial (0.6.0)
      ffi (~> 1.9, >= 1.9.3)

PLATFORMS
  ruby

DEPENDENCIES
  nmea_plus
  pry
  rubyserial

BUNDLED WITH
   2.1.0.pre.1
